PATH
  remote: .
  specs:
    cfdi (0.1.7)
      nokogiri (~> 1.5.11)

GEM
  remote: https://rubygems.org/
  specs:
    diff-lcs (1.2.5)
    nokogiri (1.5.11)
    rake (10.1.1)
    rspec (2.14.1)
      rspec-core (~> 2.14.0)
      rspec-expectations (~> 2.14.0)
      rspec-mocks (~> 2.14.0)
    rspec-core (2.14.7)
    rspec-expectations (2.14.5)
      diff-lcs (>= 1.1.3, < 2.0)
    rspec-mocks (2.14.5)

PLATFORMS
  ruby

DEPENDENCIES
  cfdi!
  nokogiri (~> 1.5.11)
  rake
  rspec
